GEM
  remote: http://rubygems.org/
  specs:
    builder (3.2.0)
    childprocess (0.3.9)
      ffi (~> 1.0, >= 1.0.11)
    cucumber (1.3.1)
      builder (>= 2.1.2)
      diff-lcs (>= 1.1.3)
      gherkin (~> 2.12.0)
      multi_json (~> 1.3)
    data_magic (0.14)
      faker (>= 1.1.2)
      yml_reader (>= 0.2)
    diff-lcs (1.2.4)
    faker (1.1.2)
      i18n (~> 0.5)
    ffi (1.7.0-java)
    fig_newton (0.8)
      yml_reader (>= 0.2)
    gherkin (2.12.0-java)
      multi_json (~> 1.3)
    i18n (0.6.4)
    multi_json (1.7.2)
    page-object (0.8.9)
      page_navigation (>= 0.7)
      selenium-webdriver (>= 2.32.1)
      watir-webdriver (>= 0.6.3)
    page_navigation (0.7)
      data_magic (>= 0.14)
    require_all (1.2.1)
    rspec (2.13.0)
      rspec-core (~> 2.13.0)
      rspec-expectations (~> 2.13.0)
      rspec-mocks (~> 2.13.0)
    rspec-core (2.13.1)
    rspec-expectations (2.13.0)
      diff-lcs (>= 1.1.3, < 2.0)
    rspec-mocks (2.13.1)
    rubyzip (0.9.9)
    selenium-webdriver (2.32.1)
      childprocess (>= 0.2.5)
      multi_json (~> 1.0)
      rubyzip
      websocket (~> 1.0.4)
    watir-webdriver (0.6.3)
      selenium-webdriver (>= 2.18.0)
    websocket (1.0.7)
    yml_reader (0.2)

PLATFORMS
  java

DEPENDENCIES
  cucumber
  data_magic
  fig_newton
  page-object
  require_all
  rspec
